GEM
  remote: http://ruby.taobao.org/
  specs:
    coderay (1.1.0)
    method_source (0.8.2)
    minitest (5.2.0)
    pry (0.9.12.4)
      coderay (~> 1.0)
      method_source (~> 0.8)
      slop (~> 3.4)
    pry-doc (0.5.1)
      pry (>= 0.9)
      yard (>= 0.8)
    rake (10.1.1)
    slop (3.4.7)
    thor (0.18.1)
    yard (0.8.7.3)

PLATFORMS
  ruby

DEPENDENCIES
  minitest
  pry
  pry-doc
  rake
  thor
