GEM
  remote: http://ruby.taobao.org/
  specs:
    coderay (1.0.9)
    method_source (0.8.1)
    minitest (5.0.8)
    pry (0.9.12.2)
      coderay (~> 1.0.5)
      method_source (~> 0.8)
      slop (~> 3.4)
    pry-doc (0.4.6)
      pry (>= 0.9)
      yard (>= 0.8)
    slop (3.4.5)
    thor (0.18.1)
    yard (0.8.6.2)

PLATFORMS
  ruby

DEPENDENCIES
  minitest
  pry
  pry-doc
  thor
